GEM
  remote: https://rubygems.org/
  specs:
    optparse (0.6.0)

PLATFORMS
  ruby
  x86_64-linux

DEPENDENCIES
  optparse

BUNDLED WITH
   2.6.8
